GIT
  remote: git://github.com/citrus/spree_essential_blog.git
  revision: bf60563a938d4e90216e877ba857c38654ab4fb7
  specs:
    spree_essential_blog (0.1.0)
      acts-as-taggable-on (~> 2.2.0)
      spree_essentials (~> 0.4.0.rc3)

GIT
  remote: git://github.com/evrone/acts_as_solr_reloaded.git
  revision: 7c753d7887c01a60fe111bb7008eb84a68a92f7a
  branch: ar_namespace_support
  specs:
    acts_as_solr_reloaded (1.6.0)

GIT
  remote: git://github.com/joeyjoejoejr/spree_flat_in_range.git
  revision: bd1380bb43d60a3a4ffa1a2e5bd5e56d4fe18bf4
  specs:
    spree_flat_in_range (0.1.0)
      spree_core (~> 1)

GIT
  remote: git://github.com/joeyjoejoejr/spree_static_content.git
  revision: 5e26e0dfc095c3825165e1109488c8552f296613
  branch: 1-0-stable
  specs:
    spree_static_content (1.0.1)
      spree_auth (~> 1.0.0)
      spree_core (~> 1.0.0)

GIT
  remote: git://github.com/romul/spree-solr-search.git
  revision: 5298fc9f17cb2d296c6ba8e6803ed7e966994521
  specs:
    spree_solr_search (1.0.0.rc)
      acts_as_solr_reloaded (>= 1.6.0)
      spree_core (>= 1.0.0)

GIT
  remote: git://github.com/spree/spree.git
  revision: b58d645ac730c95d594552dc777ab3466033bce2
  branch: 1-0-stable
  specs:
    spree (1.0.4.beta)
      spree_api (= 1.0.4.beta)
      spree_auth (= 1.0.4.beta)
      spree_cmd (= 1.0.4.beta)
      spree_core (= 1.0.4.beta)
      spree_dash (= 1.0.4.beta)
      spree_promo (= 1.0.4.beta)
      spree_sample (= 1.0.4.beta)
    spree_api (1.0.4.beta)
      spree_auth (= 1.0.4.beta)
      spree_core (= 1.0.4.beta)
    spree_auth (1.0.4.beta)
      cancan (= 1.6.7)
      devise (= 1.4.8)
      spree_core (= 1.0.4.beta)
    spree_cmd (1.0.4.beta)
    spree_core (1.0.4.beta)
      activemerchant (= 1.20.1)
      acts_as_list (= 0.1.4)
      deface (>= 0.7.2)
      ffaker (~> 1.12.0)
      highline (= 1.6.8)
      jquery-rails (>= 1.0.18, <= 1.0.19)
      kaminari (>= 0.13.0)
      meta_search (= 1.1.1)
      nested_set (= 1.6.8)
      paperclip (= 2.5.0)
      rails (>= 3.1.1, <= 3.1.4)
      state_machine (= 1.1.1)
      stringex (~> 1.3.0)
    spree_dash (1.0.4.beta)
      spree_core (= 1.0.4.beta)
    spree_promo (1.0.4.beta)
      spree_auth (= 1.0.4.beta)
      spree_core (= 1.0.4.beta)
    spree_sample (1.0.4.beta)
      spree_core (= 1.0.4.beta)

GIT
  remote: git://github.com/spree/spree_gateway.git
  revision: eb87d4303f7a011362a985d945ddafdb7b6d431e
  specs:
    spree_gateway (1.0.0)
      spree_core (>= 1.0.beta)

GIT
  remote: git://github.com/spree/spree_skrill.git
  revision: 37e6159aa71ec053499e2c7aa9cf799a3b3bdb39
  ref: 37e6159aa71ec053499e2c7aa9cf799a3b3bdb39
  specs:
    spree_skrill (0.70.1)
      spree_core (>= 0.70.1)

GIT
  remote: git://github.com/spree/spree_usa_epay.git
  revision: 0cb57b4afbf1eef6a0ad67a4a1ea506c6418fde1
  ref: 0cb57b4afbf1eef6a0ad67a4a1ea506c6418fde1
  specs:
    spree_usa_epay (0.70.1)
      savon
      spree_core (~> 1.0.0.rc1)

GIT
  remote: git://raw.github.com/spree/spree_editor.git
  revision: 309d88dfd80d80c478e25f453367889faafaac22
  specs:
    spree_editor (1.0.0)
      spree_core (>= 1.0.0)
      tinymce-rails (>= 3.4.7.0.1)

GEM
  remote: https://rubygems.org/
  specs:
    actionmailer (3.1.3)
      actionpack (= 3.1.3)
      mail (~> 2.3.0)
    actionpack (3.1.3)
      activemodel (= 3.1.3)
      activesupport (= 3.1.3)
      builder (~> 3.0.0)
      erubis (~> 2.7.0)
      i18n (~> 0.6)
      rack (~> 1.3.5)
      rack-cache (~> 1.1)
      rack-mount (~> 0.8.2)
      rack-test (~> 0.6.1)
      sprockets (~> 2.0.3)
    active_utils (1.0.3)
      activesupport (>= 2.3.11)
      i18n
    activemerchant (1.20.1)
      active_utils (>= 1.0.1)
      activesupport (>= 2.3.11)
      braintree (>= 2.0.0)
      builder (>= 2.0.0)
      i18n
      json (>= 1.5.1)
      money (<= 3.7.1)
    activemodel (3.1.3)
      activesupport (= 3.1.3)
      builder (~> 3.0.0)
      i18n (~> 0.6)
    activerecord (3.1.3)
      activemodel (= 3.1.3)
      activesupport (= 3.1.3)
      arel (~> 2.2.1)
      tzinfo (~> 0.3.29)
    activeresource (3.1.3)
      activemodel (= 3.1.3)
      activesupport (= 3.1.3)
    activesupport (3.1.3)
      multi_json (~> 1.0)
    acts-as-taggable-on (2.2.2)
      rails (~> 3.0)
    acts_as_list (0.1.4)
    akami (1.0.0)
      gyoku (>= 0.4.0)
    archive-tar-minitar (0.5.2)
    arel (2.2.3)
    bcrypt-ruby (3.0.1)
    braintree (2.14.0)
      builder (>= 2.0.0)
    builder (3.0.0)
    cancan (1.6.7)
    capistrano (2.11.2)
      highline
      net-scp (>= 1.0.0)
      net-sftp (>= 2.0.0)
      net-ssh (>= 2.0.14)
      net-ssh-gateway (>= 1.1.0)
    cocaine (0.2.1)
    coffee-rails (3.1.1)
      coffee-script (>= 2.2.0)
      railties (~> 3.1.0)
    coffee-script (2.2.0)
      coffee-script-source
      execjs
    coffee-script-source (1.2.0)
    columnize (0.3.6)
    deface (0.8.0)
      nokogiri (~> 1.5.0)
      rails (>= 3.0.9)
    devise (1.4.8)
      bcrypt-ruby (~> 3.0)
      orm_adapter (~> 0.0.3)
      warden (~> 1.0.3)
    erubis (2.7.0)
    execjs (1.3.0)
      multi_json (~> 1.0)
    ffaker (1.12.1)
    foreman (0.41.0)
      thor (>= 0.13.6)
    gyoku (0.4.4)
      builder (>= 2.1.2)
    highline (1.6.8)
    hike (1.2.1)
    httpi (0.9.6)
      rack
    i18n (0.6.0)
    jquery-rails (1.0.19)
      railties (~> 3.0)
      thor (~> 0.14)
    json (1.6.5)
    kaminari (0.13.0)
      actionpack (>= 3.0.0)
      activesupport (>= 3.0.0)
      railties (>= 3.0.0)
    kgio (2.7.3)
    libv8 (3.3.10.4)
    linecache19 (0.5.12)
      ruby_core_source (>= 0.1.4)
    mail (2.3.3)
      i18n (>= 0.4.0)
      mime-types (~> 1.16)
      treetop (~> 1.4.8)
    meta_search (1.1.1)
      actionpack (~> 3.1.0)
      activerecord (~> 3.1.0)
      activesupport (~> 3.1.0)
      polyamorous (~> 0.5.0)
    mime-types (1.18)
    money (3.7.1)
      i18n (~> 0.4)
    multi_json (1.1.0)
    mysql2 (0.3.11)
    nested_set (1.6.8)
      activerecord (>= 3.0.0)
      railties (>= 3.0.0)
    net-scp (1.0.4)
      net-ssh (>= 1.99.1)
    net-sftp (2.0.5)
      net-ssh (>= 2.0.9)
    net-ssh (2.3.0)
    net-ssh-gateway (1.1.0)
      net-ssh (>= 1.99.1)
    nokogiri (1.5.2)
    nori (1.1.0)
    orm_adapter (0.0.6)
    paperclip (2.5.0)
      activerecord (>= 2.3.0)
      activesupport (>= 2.3.2)
      cocaine (>= 0.0.2)
      mime-types
    polyamorous (0.5.0)
      activerecord (~> 3.0)
    polyglot (0.3.3)
    rack (1.3.6)
    rack-cache (1.2)
      rack (>= 0.4)
    rack-mount (0.8.3)
      rack (>= 1.0.0)
    rack-ssl (1.3.2)
      rack
    rack-test (0.6.1)
      rack (>= 1.0)
    rails (3.1.3)
      actionmailer (= 3.1.3)
      actionpack (= 3.1.3)
      activerecord (= 3.1.3)
      activeresource (= 3.1.3)
      activesupport (= 3.1.3)
      bundler (~> 1.0)
      railties (= 3.1.3)
    railties (3.1.3)
      actionpack (= 3.1.3)
      activesupport (= 3.1.3)
      rack-ssl (~> 1.3.2)
      rake (>= 0.8.7)
      rdoc (~> 3.4)
      thor (~> 0.14.6)
    raindrops (0.8.0)
    rake (0.9.2.2)
    rdiscount (1.6.8)
    rdoc (3.12)
      json (~> 1.4)
    ruby-debug-base19 (0.11.25)
      columnize (>= 0.3.1)
      linecache19 (>= 0.5.11)
      ruby_core_source (>= 0.1.4)
    ruby-debug19 (0.11.6)
      columnize (>= 0.3.1)
      linecache19 (>= 0.5.11)
      ruby-debug-base19 (>= 0.11.19)
    ruby_core_source (0.1.5)
      archive-tar-minitar (>= 0.5.2)
    sass (3.1.15)
    sass-rails (3.1.5)
      actionpack (~> 3.1.0)
      railties (~> 3.1.0)
      sass (~> 3.1.10)
      tilt (~> 1.3.2)
    savon (0.9.9)
      akami (~> 1.0)
      builder (>= 2.1.2)
      gyoku (>= 0.4.0)
      httpi (~> 0.9)
      nokogiri (>= 1.4.0)
      nori (~> 1.1)
      wasabi (~> 2.1)
    spree_essentials (0.4.0.rc3)
      rdiscount (~> 1.6.8)
      spree_core (~> 1.0.0)
    sprockets (2.0.3)
      hike (~> 1.2)
      rack (~> 1.0)
      tilt (~> 1.1, != 1.3.0)
    state_machine (1.1.1)
    stringex (1.3.2)
    therubyracer (0.9.10)
      libv8 (~> 3.3.10)
    thor (0.14.6)
    tilt (1.3.3)
    tinymce-rails (3.4.9)
      railties (>= 3.1.1)
    treetop (1.4.10)
      polyglot
      polyglot (>= 0.3.1)
    tzinfo (0.3.32)
    uglifier (1.2.3)
      execjs (>= 0.3.0)
      multi_json (>= 1.0.2)
    unicorn (4.2.0)
      kgio (~> 2.6)
      rack
      raindrops (~> 0.7)
    warden (1.0.6)
      rack (>= 1.0)
    wasabi (2.1.0)
      nokogiri (>= 1.4.0)

PLATFORMS
  ruby

DEPENDENCIES
  acts_as_solr_reloaded!
  capistrano
  coffee-rails
  foreman
  jquery-rails
  mysql2
  rails (= 3.1.3)
  ruby-debug19
  sass-rails (= 3.1.5)
  spree!
  spree_editor!
  spree_essential_blog!
  spree_essentials (~> 0.4.0.rc)
  spree_flat_in_range!
  spree_gateway!
  spree_skrill!
  spree_solr_search!
  spree_static_content!
  spree_usa_epay!
  therubyracer
  tinymce-rails (>= 3.4.7.0.1)
  uglifier (>= 1.0.3)
  unicorn
